PATH
  remote: .
  specs:
    liblynx-api (1.2.1)
      heroics (~> 0.1)
      moneta (~> 1.4)

GEM
  remote: https://rubygems.org/
  specs:
    base64 (0.2.0)
    diff-lcs (1.5.1)
    erubis (2.7.0)
    excon (0.111.0)
    heroics (0.1.3)
      base64
      erubis (~> 2.0)
      excon
      moneta
      multi_json (>= 1.9.2)
      webrick
    json_schema (0.20.3)
    moneta (1.6.0)
    multi_json (1.15.0)
    prmd (0.14.0)
      erubis (~> 2.7)
      json_schema (~> 0.3, >= 0.3.1)
    rake (13.2.1)
    rspec (3.13.0)
      rspec-core (~> 3.13.0)
      rspec-expectations (~> 3.13.0)
      rspec-mocks (~> 3.13.0)
    rspec-core (3.13.1)
      rspec-support (~> 3.13.0)
    rspec-expectations (3.13.3)
      diff-lcs (>= 1.2.0, < 2.0)
      rspec-support (~> 3.13.0)
    rspec-mocks (3.13.1)
      diff-lcs (>= 1.2.0, < 2.0)
      rspec-support (~> 3.13.0)
    rspec-support (3.13.1)
    webrick (1.8.2)
    yard (0.9.37)

PLATFORMS
  ruby
  x86_64-darwin-18

DEPENDENCIES
  bundler
  json_schema (< 0.20.4)
  liblynx-api!
  prmd
  rake (< 14.0)
  rspec
  webrick
  yard

BUNDLED WITH
   2.5.18
