PATH
  remote: .
  specs:
    liblynx-api (1.1.3)
      heroics
      moneta

GEM
  remote: https://rubygems.org/
  specs:
    diff-lcs (1.3)
    erubis (2.7.0)
    excon (0.71.0)
    heroics (0.0.25)
      erubis (~> 2.0)
      excon
      moneta
      multi_json (>= 1.9.2)
    json_schema (0.20.3)
    moneta (1.1.1)
    multi_json (1.14.1)
    prmd (0.13.0)
      erubis (~> 2.7)
      json_schema (~> 0.3, >= 0.3.1)
    rake (13.0.1)
    rspec (3.8.0)
      rspec-core (~> 3.8.0)
      rspec-expectations (~> 3.8.0)
      rspec-mocks (~> 3.8.0)
    rspec-core (3.8.2)
      rspec-support (~> 3.8.0)
    rspec-expectations (3.8.4)
      diff-lcs (>= 1.2.0, < 2.0)
      rspec-support (~> 3.8.0)
    rspec-mocks (3.8.1)
      diff-lcs (>= 1.2.0, < 2.0)
      rspec-support (~> 3.8.0)
    rspec-support (3.8.2)
    yard (0.9.20)

PLATFORMS
  ruby
  x86_64-darwin-18

DEPENDENCIES
  bundler
  json_schema (< 0.20.4)
  liblynx-api!
  prmd
  rake (< 14.0)
  rspec
  yard

BUNDLED WITH
   1.17.3
