PATH
  remote: .
  specs:
    liblynx-api (0.0.1)
      heroics
      moneta

GEM
  remote: https://rubygems.org/
  specs:
    diff-lcs (1.3)
    erubis (2.7.0)
    excon (0.60.0)
    heroics (0.0.24)
      erubis (~> 2.0)
      excon
      moneta
      multi_json (>= 1.9.2)
    moneta (1.0.0)
    multi_json (1.13.1)
    rake (10.5.0)
    rspec (3.7.0)
      rspec-core (~> 3.7.0)
      rspec-expectations (~> 3.7.0)
      rspec-mocks (~> 3.7.0)
    rspec-core (3.7.1)
      rspec-support (~> 3.7.0)
    rspec-expectations (3.7.0)
      diff-lcs (>= 1.2.0, < 2.0)
      rspec-support (~> 3.7.0)
    rspec-mocks (3.7.0)
      diff-lcs (>= 1.2.0, < 2.0)
      rspec-support (~> 3.7.0)
    rspec-support (3.7.0)

PLATFORMS
  ruby

DEPENDENCIES
  bundler
  liblynx-api!
  rake (< 11.0)
  rspec

BUNDLED WITH
   1.15.4
